GEM
  remote: http://rubygems.org/
  specs:
    addressable (2.2.6)
    launchy (2.0.5)
      addressable (~> 2.2.6)
    rack (1.3.5)
    rack-protection (1.1.4)
      rack
    sinatra (1.3.1)
      rack (~> 1.3, >= 1.3.4)
      rack-protection (~> 1.1, >= 1.1.2)
      tilt (~> 1.3, >= 1.3.3)
    tilt (1.3.3)
    youtube_search (0.1.1)

PLATFORMS
  ruby

DEPENDENCIES
  launchy
  sinatra
  youtube_search
